GEM
  remote: https://rubygems.org/
  specs:
    awesome_print (1.8.0)
    coderay (1.1.2)
    method_source (0.9.2)
    pry (0.12.2)
      coderay (~> 1.1.0)
      method_source (~> 0.9.0)
    serialport (1.3.1)

PLATFORMS
  ruby

DEPENDENCIES
  awesome_print
  pry
  serialport

BUNDLED WITH
   1.16.1
