GEM
  remote: https://rubygems.org/
  specs:
    awesome_print (1.8.0)
    serialport (1.3.1)

PLATFORMS
  ruby

DEPENDENCIES
  awesome_print
  serialport

BUNDLED WITH
   1.16.1
